PATH
  remote: .
  specs:
    authlogic (3.1.2)
      activerecord (~> 3.0.0)
      activesupport (~> 3.0.0)

GEM
  remote: http://rubygems.org/
  specs:
    activemodel (3.0.13)
      activesupport (= 3.0.13)
      builder (~> 2.1.2)
      i18n (~> 0.5.0)
    activerecord (3.0.13)
      activemodel (= 3.0.13)
      activesupport (= 3.0.13)
      arel (~> 2.0.10)
      tzinfo (~> 0.3.23)
    activesupport (3.0.13)
    arel (2.0.10)
    bcrypt-ruby (3.0.1)
    builder (2.1.2)
    i18n (0.5.0)
    rake (0.9.2.2)
    sqlite3 (1.3.6)
    tzinfo (0.3.33)

PLATFORMS
  ruby

DEPENDENCIES
  authlogic!
  bcrypt-ruby
  rake
  sqlite3
